GIT
  remote: git://github.com/imackinn/oauth-plugin.git
  revision: d967f1dced19f5854664d7e15413a4f828768fc5
  specs:
    oauth-plugin (0.4.0.rc2)
      multi_json
      oauth (~> 0.4.4)
      oauth2
      rack

GIT
  remote: git://github.com/jnicklas/capybara.git
  revision: d76987f1213dea6d9dca59f655479f931cac6b49
  specs:
    capybara (1.1.2)
      mime-types (>= 1.16)
      nokogiri (>= 1.3.3)
      rack (>= 1.0.0)
      rack-test (>= 0.5.4)
      selenium-webdriver (~> 2.0)
      xpath (~> 0.1.4)

GIT
  remote: git://github.com/twitter/twitter-text-rb.git
  revision: 4865e3f2ea2b16c5b3f1a67d5aed768ab9aaa564
  specs:
    twitter-text (1.5.0)
      activesupport

GIT
  remote: https://github.com/37signals/mail_view.git
  revision: 86a56c55143b3688add21ac95946c008df32c491
  specs:
    mail_view (1.0.1)
      tilt

GEM
  remote: http://rubygems.org/
  specs:
    actionmailer (3.2.2)
      actionpack (= 3.2.2)
      mail (~> 2.4.0)
    actionpack (3.2.2)
      activemodel (= 3.2.2)
      activesupport (= 3.2.2)
      builder (~> 3.0.0)
      erubis (~> 2.7.0)
      journey (~> 1.0.1)
      rack (~> 1.4.0)
      rack-cache (~> 1.1)
      rack-test (~> 0.6.1)
      sprockets (~> 2.1.2)
    activemodel (3.2.2)
      activesupport (= 3.2.2)
      builder (~> 3.0.0)
    activerecord (3.2.2)
      activemodel (= 3.2.2)
      activesupport (= 3.2.2)
      arel (~> 3.0.2)
      tzinfo (~> 0.3.29)
    activeresource (3.2.2)
      activemodel (= 3.2.2)
      activesupport (= 3.2.2)
    activesupport (3.2.2)
      i18n (~> 0.6)
      multi_json (~> 1.0)
    addressable (2.2.8)
    airbrake (3.1.2)
      activesupport
      builder
    arel (3.0.2)
    attr_required (0.0.5)
    aws-ses (0.4.4)
      builder
      mail (> 2.2.5)
      mime-types
      xml-simple
    bcrypt-ruby (3.0.1)
    bson (1.6.4)
    bson_ext (1.6.4)
      bson (~> 1.6.4)
    builder (3.0.0)
    capistrano (2.12.0)
      highline
      net-scp (>= 1.0.0)
      net-sftp (>= 2.0.0)
      net-ssh (>= 2.0.14)
      net-ssh-gateway (>= 1.1.0)
    capistrano-ext (1.2.1)
      capistrano (>= 1.0.0)
    carrierwave (0.6.2)
      activemodel (>= 3.2.0)
      activesupport (>= 3.2.0)
    carrierwave-mongoid (0.1.3)
      carrierwave (>= 0.5.6)
      mongoid (~> 2.1)
    childprocess (0.3.3)
      ffi (~> 1.0.6)
    ci_reporter (1.7.0)
      builder (>= 2.1.2)
    coffee-rails (3.2.2)
      coffee-script (>= 2.2.0)
      railties (~> 3.2.0)
    coffee-script (2.2.0)
      coffee-script-source
      execjs
    coffee-script-source (1.3.3)
    css_parser (1.2.6)
      addressable
      rdoc
    database_cleaner (0.8.0)
    devise (2.1.2)
      bcrypt-ruby (~> 3.0)
      orm_adapter (~> 0.1)
      railties (~> 3.1)
      warden (~> 1.2.1)
    diff-lcs (1.1.3)
    dynamic_form (1.1.4)
    erubis (2.7.0)
    escape (0.0.4)
    excon (0.14.2)
    execjs (1.4.0)
      multi_json (~> 1.0)
    factory_girl (2.6.4)
      activesupport (>= 2.3.9)
    factory_girl_rails (1.7.0)
      factory_girl (~> 2.6.0)
      railties (>= 3.0.0)
    faraday (0.8.1)
      multipart-post (~> 1.1)
    fastercsv (1.5.5)
    fb_graph (2.4.17)
      httpclient (>= 2.2.0.2)
      rack-oauth2 (>= 0.14.4)
      tzinfo
    ffi (1.0.11)
    fog (1.4.0)
      builder
      excon (~> 0.14.0)
      formatador (~> 0.2.0)
      mime-types
      multi_json (~> 1.0)
      net-scp (~> 1.0.4)
      net-ssh (>= 2.1.3)
      nokogiri (~> 1.5.0)
      ruby-hmac
    formatador (0.2.3)
    geocoder (1.1.2)
    geoip (1.1.2)
    hashie (1.2.0)
    highline (1.6.13)
    hike (1.2.1)
    htmlentities (4.3.1)
    httparty (0.8.3)
      multi_json (~> 1.0)
      multi_xml
    httpauth (0.1)
    httpclient (2.2.5)
    i18n (0.6.0)
    journey (1.0.4)
    jquery-rails (2.0.2)
      railties (>= 3.2.0, < 5.0)
      thor (~> 0.14)
    json (1.7.3)
    koala (1.5.0)
      faraday (~> 0.7)
      multi_json (~> 1.3)
    libwebsocket (0.1.3)
      addressable
    mail (2.4.4)
      i18n (>= 0.4.0)
      mime-types (~> 1.16)
      treetop (~> 1.4.8)
    metaclass (0.0.1)
    mime-types (1.19)
    mini_magick (3.4)
      subexec (~> 0.2.1)
    mixpanel (1.1.3)
      escape
      json
      rack
    mocha (0.11.4)
      metaclass (~> 0.0.1)
    mongo (1.6.2)
      bson (~> 1.6.2)
    mongoid (2.4.11)
      activemodel (~> 3.1)
      mongo (<= 1.6.2)
      tzinfo (~> 0.3.22)
    mongoid_rails_migrations (0.0.14)
      activesupport (>= 3.0.0)
      bundler (>= 1.0.0)
      rails (>= 3.0.0)
      railties (>= 3.0.0)
    mongoid_slug (0.10.0)
      mongoid (~> 2.0)
      stringex (~> 1.3)
    multi_json (1.3.6)
    multi_xml (0.5.1)
    multipart-post (1.1.5)
    nested_form (0.2.1)
    net-scp (1.0.4)
      net-ssh (>= 1.99.1)
    net-sftp (2.0.5)
      net-ssh (>= 2.0.9)
    net-ssh (2.5.2)
    net-ssh-gateway (1.1.0)
      net-ssh (>= 1.99.1)
    nokogiri (1.5.0)
    oauth (0.4.4)
    oauth2 (0.6.1)
      faraday (~> 0.7)
      httpauth (~> 0.1)
      multi_json (~> 1.3)
    omniauth (1.1.0)
      hashie (~> 1.2)
      rack
    omniauth-facebook (1.4.0)
      omniauth-oauth2 (~> 1.0.2)
    omniauth-oauth2 (1.0.2)
      oauth2 (~> 0.6.0)
      omniauth (~> 1.0)
    orm_adapter (0.3.0)
    polyglot (0.3.3)
    premailer (1.7.3)
      css_parser (>= 1.1.9)
      htmlentities (>= 4.0.0)
    premailer-rails3 (1.2.0)
      premailer (~> 1.7)
      rails (~> 3)
    rack (1.4.1)
    rack-cache (1.2)
      rack (>= 0.4)
    rack-oauth2 (0.14.4)
      activesupport (>= 2.3)
      attr_required (>= 0.0.5)
      httpclient (>= 2.2.0.2)
      i18n
      json (>= 1.4.3)
      rack (>= 1.1)
    rack-p3p (0.5.0)
      rack (>= 1.0.1)
    rack-protection (1.2.0)
      rack
    rack-rewrite (1.2.1)
    rack-ssl (1.3.2)
      rack
    rack-test (0.6.1)
      rack (>= 1.0)
    rails (3.2.2)
      actionmailer (= 3.2.2)
      actionpack (= 3.2.2)
      activerecord (= 3.2.2)
      activeresource (= 3.2.2)
      activesupport (= 3.2.2)
      bundler (~> 1.0)
      railties (= 3.2.2)
    railties (3.2.2)
      actionpack (= 3.2.2)
      activesupport (= 3.2.2)
      rack-ssl (~> 1.3.2)
      rake (>= 0.8.7)
      rdoc (~> 3.4)
      thor (~> 0.14.6)
    rake (0.9.2.2)
    rdoc (3.12)
      json (~> 1.4)
    recaptcha (0.3.4)
    redis (2.2.2)
    redis-namespace (1.0.3)
      redis (< 3.0.0)
    resque (1.20.0)
      multi_json (~> 1.0)
      redis-namespace (~> 1.0.2)
      sinatra (>= 0.9.2)
      vegas (~> 0.1.2)
    resque-scheduler (2.0.0.h)
      redis (>= 2.0.1)
      resque (>= 1.19.0)
      rufus-scheduler
    resque_mailer (2.1.0)
      actionmailer (~> 3.0)
    rspec (2.7.0)
      rspec-core (~> 2.7.0)
      rspec-expectations (~> 2.7.0)
      rspec-mocks (~> 2.7.0)
    rspec-core (2.7.1)
    rspec-expectations (2.7.0)
      diff-lcs (~> 1.1.2)
    rspec-mocks (2.7.0)
    rspec-rails (2.7.0)
      actionpack (~> 3.0)
      activesupport (~> 3.0)
      railties (~> 3.0)
      rspec (~> 2.7.0)
    ruby-hmac (0.4.0)
    rubyzip (0.9.9)
    rufus-scheduler (2.0.17)
      tzinfo (>= 0.3.23)
    rvm-capistrano (1.2.2)
      capistrano (>= 2.0.0)
    sass (3.1.20)
    sass-rails (3.2.5)
      railties (~> 3.2.0)
      sass (>= 3.1.10)
      tilt (~> 1.3)
    selenium-webdriver (2.24.0)
      childprocess (>= 0.2.5)
      libwebsocket (~> 0.1.3)
      multi_json (~> 1.0)
      rubyzip
    sinatra (1.3.2)
      rack (~> 1.3, >= 1.3.6)
      rack-protection (~> 1.2)
      tilt (~> 1.3, >= 1.3.3)
    sitemap_generator (3.1.1)
      builder
    sprockets (2.1.3)
      hike (~> 1.2)
      rack (~> 1.0)
      tilt (~> 1.1, != 1.3.0)
    stringex (1.4.0)
    subexec (0.2.2)
    thor (0.14.6)
    tilt (1.3.3)
    treetop (1.4.10)
      polyglot
      polyglot (>= 0.3.1)
    tzinfo (0.3.33)
    uglifier (1.2.6)
      execjs (>= 0.3.0)
      multi_json (~> 1.3)
    uuidtools (2.1.2)
    vanity (1.8.0)
      redis (~> 2.0)
      redis-namespace (~> 1.0.0)
    vegas (0.1.11)
      rack (>= 1.0.0)
    warden (1.2.1)
      rack (>= 1.0)
    xml-simple (1.1.1)
    xpath (0.1.4)
      nokogiri (~> 1.3)

PLATFORMS
  ruby

DEPENDENCIES
  airbrake
  aws-ses (~> 0.4.4)
  bson_ext (~> 1.3)
  capistrano
  capistrano-ext
  capybara!
  carrierwave (~> 0.6.2)
  carrierwave-mongoid (~> 0.1.1)
  ci_reporter
  coffee-rails (~> 3.2.1)
  database_cleaner
  devise (~> 2.1.0)
  dynamic_form
  execjs
  factory_girl_rails (~> 1.1.rc1)
  fastercsv
  fb_graph
  fog
  geocoder
  geoip
  hashie
  httparty
  jquery-rails
  koala
  mail_view!
  mini_magick
  mixpanel
  mocha
  mongoid (~> 2.4.8)
  mongoid_rails_migrations (~> 0.0.13)
  mongoid_slug
  nested_form
  oauth (= 0.4.4)
  oauth-plugin!
  omniauth (~> 1.1)
  omniauth-facebook
  premailer-rails3
  rack-p3p
  rack-rewrite (~> 1.2.1)
  rails (= 3.2.2)
  recaptcha
  redis (~> 2.2)
  redis-namespace
  resque
  resque-scheduler (= 2.0.0h)
  resque_mailer
  rspec-rails (= 2.7)
  rvm-capistrano
  sass-rails (~> 3.2.3)
  sitemap_generator
  twitter-text!
  uglifier (>= 1.0.3)
  uuidtools
  vanity
