GIT
  remote: git://github.com/assaf/vanity.git
  revision: 8ac6bea7a39992027d284022c7df3aef7b3b95af
  tag: v1.6.1
  specs:
    vanity (1.6.1)
      redis (~> 2.0)
      redis-namespace (~> 1.0.0)

GIT
  remote: git://github.com/jnicklas/capybara.git
  revision: 6641fddcfc337a3ddaa84ac59272e884090332c3
  specs:
    capybara (1.0.0)
      mime-types (>= 1.16)
      nokogiri (>= 1.3.3)
      rack (>= 1.0.0)
      rack-test (>= 0.5.4)
      selenium-webdriver (~> 2.0.0)
      xpath (~> 0.1.4)

GIT
  remote: git://github.com/twitter/twitter-text-rb.git
  revision: cc8b446517c9bc6fa082d50271a13e511769eae9
  specs:
    twitter-text (1.4.15)
      activesupport

GIT
  remote: https://github.com/bvandenbos/resque-scheduler.git
  revision: cbad71432341e0b1c32b280970b3cfd327f66d11
  specs:
    resque-scheduler (2.0.0.f)
      redis (>= 2.0.1)
      resque (>= 1.19.0)
      rufus-scheduler

PATH
  remote: ../oauth-plugin
  specs:
    oauth-plugin (0.4.0.rc2)
      multi_json
      oauth (~> 0.4.4)
      oauth2
      rack

GEM
  remote: http://rubygems.org/
  specs:
    XMLCanonicalizer (1.0.1)
      log4r (>= 1.0.4)
    abstract (1.0.0)
    actionmailer (3.0.10)
      actionpack (= 3.0.10)
      mail (~> 2.2.19)
    actionpack (3.0.10)
      activemodel (= 3.0.10)
      activesupport (= 3.0.10)
      builder (~> 2.1.2)
      erubis (~> 2.6.6)
      i18n (~> 0.5.0)
      rack (~> 1.2.1)
      rack-mount (~> 0.6.14)
      rack-test (~> 0.5.7)
      tzinfo (~> 0.3.23)
    activemodel (3.0.10)
      activesupport (= 3.0.10)
      builder (~> 2.1.2)
      i18n (~> 0.5.0)
    activerecord (3.0.10)
      activemodel (= 3.0.10)
      activesupport (= 3.0.10)
      arel (~> 2.0.10)
      tzinfo (~> 0.3.23)
    activeresource (3.0.10)
      activemodel (= 3.0.10)
      activesupport (= 3.0.10)
    activesupport (3.0.10)
    addressable (2.2.6)
    arel (2.0.10)
    attr_required (0.0.3)
    aws-ses (0.4.4)
      builder
      mail (> 2.2.5)
      mime-types
      xml-simple
    bcrypt-ruby (2.1.4)
    bson (1.3.1)
    bson_ext (1.3.1)
    builder (2.1.2)
    capistrano (2.5.19)
      highline
      net-scp (>= 1.0.0)
      net-sftp (>= 2.0.0)
      net-ssh (>= 2.0.14)
      net-ssh-gateway (>= 1.0.0)
    carrierwave (0.5.6)
      activesupport (~> 3.0)
    childprocess (0.2.0)
      ffi (~> 1.0.6)
    ci_reporter (1.6.5)
      builder (>= 2.1.2)
    crack (0.1.8)
    database_cleaner (0.6.7)
    devise (1.4.2)
      bcrypt-ruby (~> 2.1.2)
      orm_adapter (~> 0.0.3)
      warden (~> 1.0.3)
    diff-lcs (1.1.2)
    erubis (2.6.6)
      abstract (>= 1.0.0)
    excon (0.7.1)
    factory_girl (2.0.0.rc4)
    factory_girl_rails (1.1.rc1)
      factory_girl (~> 2.0.0.rc)
      railties (>= 3.0.0)
    faraday (0.7.4)
      addressable (~> 2.2.6)
      multipart-post (~> 1.1.0)
      rack (>= 1.1.0, < 2)
    fastercsv (1.5.4)
    fb_graph (2.2.3)
      httpclient (>= 2.2.0.2)
      rack-oauth2 (>= 0.9.4)
    ffi (1.0.9)
    fog (0.7.1)
      builder
      excon (>= 0.5.7)
      formatador (>= 0.1.2)
      json
      mime-types
      net-ssh (>= 2.0.23)
      nokogiri (>= 1.4.4)
      ruby-hmac
    formatador (0.2.1)
    geocoder (1.0.2)
    geoip (1.1.2)
    god (0.11.0)
    hashie (0.4.0)
    highline (1.6.1)
    hoptoad_notifier (2.4.2)
      activesupport
      builder
    httparty (0.7.8)
      crack (= 0.1.8)
    httpclient (2.2.3)
    i18n (0.5.0)
    jquery-rails (1.0.12)
      railties (~> 3.0)
      thor (~> 0.14)
    json (1.4.6)
    json_pure (1.5.3)
    log4r (1.1.9)
    macaddr (1.5.0)
      systemu (>= 2.4.0)
    mail (2.2.19)
      activesupport (>= 2.3.6)
      i18n (>= 0.4.0)
      mime-types (~> 1.16)
      treetop (~> 1.4.8)
    mime-types (1.17.2)
    mini_magick (3.1)
      subexec (~> 0.0.4)
    mocha (0.9.10)
      rake
    mongo (1.3.1)
      bson (>= 1.3.1)
    mongoid (2.0.2)
      activemodel (~> 3.0)
      mongo (~> 1.3)
      tzinfo (~> 0.3.22)
    mongoid_rails_migrations (0.0.14)
      activesupport (>= 3.0.0)
      bundler (>= 1.0.0)
      rails (>= 3.0.0)
      railties (>= 3.0.0)
    multi_json (1.0.3)
    multi_xml (0.4.1)
    multipart-post (1.1.3)
    nested_form (0.1.1)
    net-ldap (0.2.2)
    net-scp (1.0.4)
      net-ssh (>= 1.99.1)
    net-sftp (2.0.5)
      net-ssh (>= 2.0.9)
    net-ssh (2.0.23)
    net-ssh-gateway (1.0.1)
      net-ssh (>= 1.99.1)
    nokogiri (1.5.0)
    oa-basic (0.3.2)
      oa-core (= 0.3.2)
      rest-client (~> 1.6.0)
    oa-core (0.3.2)
    oa-enterprise (0.3.2)
      XMLCanonicalizer (~> 1.0.1)
      addressable (~> 2.2.6)
      net-ldap (~> 0.2.2)
      nokogiri (~> 1.5.0)
      oa-core (= 0.3.2)
      pyu-ruby-sasl (~> 0.0.3.1)
      rubyntlm (~> 0.1.1)
      uuid
    oa-more (0.3.2)
      multi_json (~> 1.0.0)
      oa-core (= 0.3.2)
      rest-client (~> 1.6.0)
    oa-oauth (0.3.2)
      faraday (~> 0.7.3)
      multi_json (~> 1.0.0)
      multi_xml (~> 0.4.0)
      oa-core (= 0.3.2)
      oauth (~> 0.4.0)
      oauth2 (~> 0.5.0)
    oa-openid (0.3.2)
      oa-core (= 0.3.2)
      rack-openid (~> 1.3.1)
      ruby-openid-apps-discovery (~> 1.2.0)
    oauth (0.4.5)
    oauth2 (0.5.0)
      faraday (>= 0.6.1, < 0.8)
      multi_json (~> 1.0.0)
    omniauth (0.3.2)
      oa-basic (= 0.3.2)
      oa-core (= 0.3.2)
      oa-enterprise (= 0.3.2)
      oa-more (= 0.3.2)
      oa-oauth (= 0.3.2)
      oa-openid (= 0.3.2)
    orm_adapter (0.0.5)
    polyglot (0.3.3)
    pyu-ruby-sasl (0.0.3.3)
    rack (1.2.4)
    rack-mount (0.6.14)
      rack (>= 1.0.0)
    rack-oauth2 (0.11.0)
      activesupport (>= 2.3)
      attr_required (>= 0.0.3)
      httpclient (>= 2.2.0.2)
      i18n
      json (>= 1.4.3)
      rack (>= 1.1)
    rack-openid (1.3.1)
      rack (>= 1.1.0)
      ruby-openid (>= 2.1.8)
    rack-test (0.5.7)
      rack (>= 1.0)
    rails (3.0.10)
      actionmailer (= 3.0.10)
      actionpack (= 3.0.10)
      activerecord (= 3.0.10)
      activeresource (= 3.0.10)
      activesupport (= 3.0.10)
      bundler (~> 1.0)
      railties (= 3.0.10)
    railties (3.0.10)
      actionpack (= 3.0.10)
      activesupport (= 3.0.10)
      rake (>= 0.8.7)
      rdoc (~> 3.4)
      thor (~> 0.14.4)
    rake (0.9.2.2)
    rdoc (3.12)
      json (~> 1.4)
    redis (2.2.2)
    redis-namespace (1.0.3)
      redis (< 3.0.0)
    resque (1.19.0)
      multi_json (~> 1.0)
      redis-namespace (~> 1.0.2)
      sinatra (>= 0.9.2)
      vegas (~> 0.1.2)
    rest-client (1.6.7)
      mime-types (>= 1.16)
    rspec (2.6.0)
      rspec-core (~> 2.6.0)
      rspec-expectations (~> 2.6.0)
      rspec-mocks (~> 2.6.0)
    rspec-core (2.6.4)
    rspec-expectations (2.6.0)
      diff-lcs (~> 1.1.2)
    rspec-mocks (2.6.0)
    rspec-rails (2.6.1)
      actionpack (~> 3.0)
      activesupport (~> 3.0)
      railties (~> 3.0)
      rspec (~> 2.6.0)
    ruby-hmac (0.4.0)
    ruby-openid (2.1.8)
    ruby-openid-apps-discovery (1.2.0)
      ruby-openid (>= 2.1.7)
    rubyntlm (0.1.1)
    rubyzip (0.9.4)
    rufus-scheduler (2.0.16)
      tzinfo (>= 0.3.23)
    selenium-webdriver (2.0.1)
      childprocess (>= 0.1.9)
      ffi (>= 1.0.7)
      json_pure
      rubyzip
    sinatra (1.2.7)
      rack (~> 1.1)
      tilt (>= 1.2.2, < 2.0)
    subexec (0.0.4)
    system_timer (1.2.4)
    systemu (2.4.1)
    thor (0.14.6)
    tilt (1.3.3)
    treetop (1.4.10)
      polyglot
      polyglot (>= 0.3.1)
    tzinfo (0.3.31)
    uuid (2.3.4)
      macaddr (~> 1.0)
    uuidtools (2.1.2)
    vegas (0.1.8)
      rack (>= 1.0.0)
    warden (1.0.4)
      rack (>= 1.0)
    xml-simple (1.1.1)
    xpath (0.1.4)
      nokogiri (~> 1.3)

PLATFORMS
  ruby

DEPENDENCIES
  aws-ses (~> 0.4.4)
  bson_ext (~> 1.3)
  capistrano
  capybara!
  carrierwave
  ci_reporter
  database_cleaner
  devise (~> 1.4.2)
  factory_girl_rails (~> 1.1.rc1)
  fastercsv
  fb_graph
  fog
  geocoder
  geoip
  god
  hashie
  hoptoad_notifier
  httparty
  jquery-rails
  json
  mini_magick
  mocha
  mongoid (~> 2.0)
  mongoid_rails_migrations (~> 0.0.13)
  nested_form
  oauth (>= 0.4.4)
  oauth-plugin!
  omniauth (~> 0.3.2)
  rails (= 3.0.10)
  redis (~> 2.2)
  resque
  resque-scheduler!
  rspec-rails (~> 2.6)
  system_timer
  twitter-text!
  uuidtools
  vanity!
